GEM
  remote: https://rubygems.org/
  specs:
    rufus-scheduler (3.1.7)

PLATFORMS
  ruby

DEPENDENCIES
  rufus-scheduler (= 3.1.7)

BUNDLED WITH
   1.11.2
